GEM
  remote: http://rubygems.org/
  specs:
    activemodel (5.0.2)
      activesupport (= 5.0.2)
    activerecord (5.0.2)
      activemodel (= 5.0.2)
      activesupport (= 5.0.2)
      arel (~> 7.0)
    activesupport (5.0.2)
      concurrent-ruby (~> 1.0, >= 1.0.2)
      i18n (~> 0.7)
      minitest (~> 5.1)
      tzinfo (~> 1.1)
    arel (7.1.4)
    backports (3.6.8)
    better_errors (2.1.1)
      coderay (>= 1.0.0)
      erubis (>= 2.6.6)
      rack (>= 0.9.0)
    binding_of_caller (0.7.2)
      debug_inspector (>= 0.0.1)
    byebug (3.5.1)
      columnize (~> 0.8)
      debugger-linecache (~> 1.2)
      slop (~> 3.6)
    coderay (1.1.1)
    columnize (0.9.0)
    concurrent-ruby (1.0.5)
    debug_inspector (0.0.2)
    debugger-linecache (1.2.0)
    erubis (2.7.0)
    haml (4.0.3)
      tilt
    i18n (0.8.1)
    json (2.0.3)
    method_source (0.8.2)
    mini_portile2 (2.1.0)
    minitest (5.10.1)
    multi_json (1.12.1)
    nokogiri (1.7.0.1)
      mini_portile2 (~> 2.1.0)
    pdf-core (0.7.0)
    prawn (2.2.2)
      pdf-core (~> 0.7.0)
      ttfunk (~> 1.5)
    prawn-table (0.2.2)
      prawn (>= 1.3.0, < 3.0.0)
    pry (0.10.1)
      coderay (~> 1.1.0)
      method_source (~> 0.8.1)
      slop (~> 3.4)
    pry-byebug (2.0.0)
      byebug (~> 3.4)
      pry (~> 0.10)
    puma (3.6.2)
    rack (1.6.5)
    rack-contrib (1.1.0)
      rack (>= 0.9.1)
    rack-flash3 (1.0.3)
      rack
    rack-protection (1.5.0)
      rack
    rack-recaptcha (0.6.6)
      json
    rack-rewrite (1.5.0)
    rack-test (0.6.3)
      rack (>= 1.0)
    rake (12.0.0)
    rb-readline (0.5.4)
    roo (2.7.1)
      nokogiri (~> 1)
      rubyzip (~> 1.1, < 2.0.0)
    ruby-ole (1.2.12.1)
    rubyzip (1.2.1)
    shotgun (0.9)
      rack (>= 1.0)
    sinatra (1.4.8)
      rack (~> 1.5)
      rack-protection (~> 1.4)
      tilt (>= 1.3, < 3)
    sinatra-activerecord (2.0.12)
      activerecord (>= 3.2)
      sinatra (>= 1.0)
    sinatra-contrib (1.4.7)
      backports (>= 2.0)
      multi_json
      rack-protection
      rack-test
      sinatra (~> 1.4.0)
      tilt (>= 1.3, < 3)
    sinatra-partial (1.0.0)
      sinatra (~> 1.4)
    slop (3.6.0)
    spreadsheet (1.1.4)
      ruby-ole (>= 1.0)
    sqlite3 (1.3.13)
    thread_safe (0.3.6)
    tilt (2.0.6)
    ttfunk (1.5.0)
    tzinfo (1.2.2)
      thread_safe (~> 0.1)

PLATFORMS
  ruby

DEPENDENCIES
  better_errors (= 2.1.1)
  binding_of_caller (= 0.7.2)
  haml (= 4.0.3)
  prawn
  prawn-table (= 0.2.2)
  pry (= 0.10.1)
  pry-byebug (= 2.0.0)
  puma (= 3.6.2)
  rack-contrib (= 1.1.0)
  rack-flash3 (= 1.0.3)
  rack-protection (= 1.5.0)
  rack-recaptcha (= 0.6.6)
  rack-rewrite (= 1.5.0)
  rake (= 12.0.0)
  rb-readline
  roo
  shotgun (= 0.9)
  sinatra (= 1.4.8)
  sinatra-activerecord
  sinatra-contrib (= 1.4.7)
  sinatra-partial (= 1.0.0)
  spreadsheet
  sqlite3

BUNDLED WITH
   1.14.4
